GEM
  remote: https://ruby.taobao.org/
  specs:
    awesome_print (1.6.1)
    cuba (3.4.0)
      rack
    daemons (1.2.3)
    eventmachine (1.0.8)
    faraday (0.9.2)
      multipart-post (>= 1.2, < 3)
    faraday_middleware (0.10.0)
      faraday (>= 0.7.4, < 0.10)
    leancloud-ruby-client (0.1.1)
      faraday
      faraday_middleware
    multipart-post (2.0.0)
    rack (1.6.4)
    rack-protection (1.5.3)
      rack
    shotgun (0.9.1)
      rack (>= 1.0)
    thin (1.6.4)
      daemons (~> 1.0, >= 1.0.9)
      eventmachine (~> 1.0, >= 1.0.4)
      rack (~> 1.0)
    tilt (2.0.1)

PLATFORMS
  ruby

DEPENDENCIES
  awesome_print
  cuba
  leancloud-ruby-client
  rack
  rack-protection
  shotgun
  thin
  tilt

BUNDLED WITH
   1.10.6
